GEM
  remote: https://rubygems.org/
  specs:
    awesome_print (1.8.0)
    mustermann (1.0.2)
    passenger (5.2.1)
      rack
      rake (>= 0.8.1)
    pg (1.0.0)
    rack (2.0.4)
    rack-protection (2.0.1)
      rack
    rake (12.3.0)
    sinatra (2.0.1)
      mustermann (~> 1.0)
      rack (~> 2.0)
      rack-protection (= 2.0.1)
      tilt (~> 2.0)
    tilt (2.0.8)

PLATFORMS
  ruby

DEPENDENCIES
  awesome_print
  passenger
  pg
  sinatra (>= 2.0.1)

BUNDLED WITH
   1.16.0
